PATH
  remote: .
  specs:
    pagerduty (1.3.1)
      json

GEM
  remote: https://rubygems.org/
  specs:
    json (1.7.5)

PLATFORMS
  ruby

DEPENDENCIES
  pagerduty!
