PATH
  remote: .
  specs:
    pagerduty (1.3.3)
      json

GEM
  remote: https://rubygems.org/
  specs:
    json (1.7.6)

PLATFORMS
  ruby

DEPENDENCIES
  pagerduty!
