PATH
  remote: .
  specs:
    pagerduty (1.3.1)
      json (~> 1.4.6)

GEM
  remote: https://rubygems.org/
  specs:
    json (1.4.6)

PLATFORMS
  ruby

DEPENDENCIES
  pagerduty!
