PATH
  remote: .
  specs:
    pagerduty (1.4.0)
      json (>= 1.7.7)

GEM
  remote: https://rubygems.org/
  specs:
    json (1.8.1)
    rake (11.1.2)

PLATFORMS
  ruby

DEPENDENCIES
  pagerduty!
  rake

BUNDLED WITH
   1.11.2
