PATH
  remote: .
  specs:
    pagerduty (1.3.4)
      json (>= 1.7.7)

GEM
  remote: https://rubygems.org/
  specs:
    json (1.7.7)

PLATFORMS
  ruby

DEPENDENCIES
  pagerduty!
